GEM
  remote: https://rubygems.org/
  specs:
    CFPropertyList (2.2.7)
    ansi (1.4.3)
    bouncy-castle-java (1.5.0147)
    jenkins-plugin-runtime (0.2.3)
      json
      slop (~> 3.0.2)
    jenkins-war (1.514)
    jpi (0.4.0)
      bundler
      jenkins-plugin-runtime (~> 0.2.3)
      jenkins-war (> 1.427)
      rubyzip (~> 1.1.0)
      thor
    jruby-openssl (0.9.4)
      bouncy-castle-java (>= 1.5.0147)
    json (1.8.1-java)
    mail (2.5.4)
      mime-types (~> 1.16)
      treetop (~> 1.4.8)
    maruku (0.7.1)
    mime-types (1.25.1)
    plist (3.1.0)
    polyglot (0.3.4)
    pony (1.8)
      mail (>= 2.0)
    require_relative (1.0.3)
    rubytest (0.7.0)
      ansi
    rubyzip (1.1.0)
    slop (3.0.4)
    test (1.0.0)
      rubytest
    thor (0.18.1)
    treetop (1.4.15)
      polyglot
      polyglot (>= 0.3.1)

PLATFORMS
  java

DEPENDENCIES
  CFPropertyList
  ansi
  jenkins-plugin-runtime (~> 0.2.0)
  jpi
  jruby-openssl
  maruku
  plist
  pony
  require_relative
  rubyzip
  test
